GEM
  remote: https://rubygems.org/
  specs:
    activesupport (5.2.3)
      concurrent-ruby (~> 1.0, >= 1.0.2)
      i18n (>= 0.7, < 2)
      minitest (~> 5.1)
      tzinfo (~> 1.1)
    ast (2.4.0)
    ast_utils (0.3.0)
      parser (~> 2.4)
      thor (>= 0.19)
    byebug (11.0.1)
    chunky_png (1.3.11)
    coderay (1.1.2)
    concurrent-ruby (1.1.5)
    ffi (1.10.0)
    i18n (1.6.0)
      concurrent-ruby (~> 1.0)
    listen (3.1.5)
      rb-fsevent (~> 0.9, >= 0.9.4)
      rb-inotify (~> 0.9, >= 0.9.7)
      ruby_dep (~> 1.2)
    method_source (0.9.2)
    minitest (5.11.3)
    mittsu (0.3.0)
      chunky_png (~> 1.3)
      ffi (~> 1.9)
      opengl-bindings (~> 1.5)
    opengl-bindings (1.6.8)
    parser (2.6.2.1)
      ast (~> 2.4.0)
    pry (0.12.2)
      coderay (~> 1.1.0)
      method_source (~> 0.9.0)
    rainbow (2.2.2)
      rake
    rake (12.3.2)
    rb-fsevent (0.10.3)
    rb-inotify (0.10.0)
      ffi (~> 1.0)
    ruby_dep (1.5.0)
    steep (0.10.0)
      activesupport (~> 5.1)
      ast_utils (~> 0.3.0)
      listen (~> 3.1)
      parser (~> 2.4)
      pry (~> 0.12.2)
      rainbow (~> 2.2.2, < 4.0)
    thor (0.20.3)
    thread_safe (0.3.6)
    tzinfo (1.2.5)
      thread_safe (~> 0.1)

PLATFORMS
  ruby

DEPENDENCIES
  byebug
  mittsu
  steep

BUNDLED WITH
   2.0.1
